PATH
  remote: .
  specs:
    hotel-matcher (0.1)
      httparty (~> 0.13)
      nokogiri (~> 1.6)

GEM
  remote: https://rubygems.org/
  specs:
    diff-lcs (1.2.5)
    httparty (0.13.7)
      json (~> 1.8)
      multi_xml (>= 0.5.2)
    json (1.8.3)
    mini_portile (0.6.2)
    multi_xml (0.5.5)
    nokogiri (1.6.6.2)
      mini_portile (~> 0.6.0)
    rspec (3.3.0)
      rspec-core (~> 3.3.0)
      rspec-expectations (~> 3.3.0)
      rspec-mocks (~> 3.3.0)
    rspec-core (3.3.2)
      rspec-support (~> 3.3.0)
    rspec-expectations (3.3.1)
      diff-lcs (>= 1.2.0, < 2.0)
      rspec-support (~> 3.3.0)
    rspec-mocks (3.3.2)
      diff-lcs (>= 1.2.0, < 2.0)
      rspec-support (~> 3.3.0)
    rspec-support (3.3.0)

PLATFORMS
  ruby

DEPENDENCIES
  bundler (~> 1.0)
  hotel-matcher!
  rspec (~> 3.3)
